PATH
  remote: .
  specs:
    ruby_clojure_shell (0.1.0)
      edn_turbo (= 0.6.2)
      nrepl (= 0.0.1)

GEM
  remote: https://rubygems.org/
  specs:
    activesupport (3.2.22.5)
      i18n (~> 0.6, >= 0.6.4)
      multi_json (~> 1.0)
    bencode (0.7.0)
    concurrent-ruby (1.1.5)
    edn (1.1.1)
    edn_turbo (0.6.2)
      edn (~> 1.1)
      rake (~> 12.3)
      rake-compiler (~> 1.0)
    i18n (0.9.5)
      concurrent-ruby (~> 1.0)
    multi_json (1.13.1)
    nrepl (0.0.1)
      activesupport (~> 3.2.11)
      bencode (~> 0.7.0)
      retriable (~> 1.3.3)
    rake (12.3.2)
    rake-compiler (1.0.7)
      rake
    retriable (1.3.3.1)

PLATFORMS
  ruby

DEPENDENCIES
  bundler (~> 2.0)
  rake (~> 12.3.0)
  ruby_clojure_shell!

BUNDLED WITH
   2.0.1
